GEM
  remote: http://rubygems.org/
  specs:
    RedCloth (4.2.9)
    albino (1.3.3)
      posix-spawn (>= 0.3.6)
    aws-sdk (1.8.1.3)
      json (~> 1.4)
      nokogiri (>= 1.4.4)
      uuidtools (~> 2.1)
    classifier (1.3.3)
      fast-stemmer (>= 1.0.0)
    colored (1.2)
    configure-s3-website (1.1.1)
    css_press (0.3.2)
      csspool-st (= 3.1.2)
      json
    csspool-st (3.1.2)
    directory_watcher (1.4.1)
    erubis (2.7.0)
    execjs (1.4.0)
      multi_json (~> 1.0)
    fast-stemmer (1.0.1)
    filey-diff (1.0.2)
    html_press (0.8.1)
      htmlentities
      multi_css (>= 0.1.0)
      multi_js
    htmlentities (4.3.1)
    jekyll (0.11.2)
      albino (~> 1.3)
      classifier (~> 1.3)
      directory_watcher (~> 1.1)
      kramdown (~> 0.13)
      liquid (~> 2.3)
      maruku (~> 0.5)
    jekyll-press (0.2.0)
      html_press (>= 0.8.0)
      jekyll
      multi_css (>= 0.1.0)
      uglifier
    jekyll-s3 (2.4.1)
      aws-sdk (~> 1.8.0)
      configure-s3-website (~> 1.1)
      erubis (~> 2.7.0)
      filey-diff (~> 1.0)
      mime-types (= 1.19)
      simple-cloudfront-invalidator (~> 1.0)
    json (1.7.7)
    kramdown (0.14.1)
    liquid (2.4.1)
    maruku (0.6.1)
      syntax (>= 1.0.0)
    mime-types (1.19)
    multi_css (0.1.0)
      css_press
    multi_js (0.0.1)
      uglifier
    multi_json (1.6.1)
    nokogiri (1.5.6)
    posix-spawn (0.3.6)
    rdiscount (1.6.8)
    simple-cloudfront-invalidator (1.0.0)
      colored (= 1.2)
    syntax (1.0.0)
    uglifier (1.3.0)
      execjs (>= 0.3.0)
      multi_json (~> 1.0, >= 1.0.2)
    uuidtools (2.1.3)

PLATFORMS
  ruby

DEPENDENCIES
  RedCloth
  jekyll
  jekyll-press
  jekyll-s3
  rdiscount
